GEM
  remote: https://rubygems.org/
  specs:
    base64 (0.2.0)
    bigdecimal (3.1.8)
    byebug (11.1.3)
    coderay (1.1.3)
    concurrent-ruby (1.3.4)
    connection_pool (2.4.1)
    diff-lcs (1.5.1)
    logger (1.6.1)
    method_source (1.1.0)
    mock_redis (0.46.0)
    mustermann (3.0.3)
      ruby2_keywords (~> 0.0.1)
    nio4r (2.7.4)
    oj (3.16.7)
      bigdecimal (>= 3.0)
      ostruct (>= 0.2)
    ostruct (0.6.1)
    pry (0.14.2)
      coderay (~> 1.1)
      method_source (~> 1.0)
    pry-byebug (3.10.1)
      byebug (~> 11.0)
      pry (>= 0.13, < 0.15)
    puma (6.4.3)
      nio4r (~> 2.0)
    rack (2.2.10)
    rack-protection (3.2.0)
      base64 (>= 0.1.0)
      rack (~> 2.2, >= 2.2.4)
    rack-test (2.1.0)
      rack (>= 1.3)
    redis (5.3.0)
      redis-client (>= 0.22.0)
    redis-client (0.22.2)
      connection_pool
    rspec (3.13.0)
      rspec-core (~> 3.13.0)
      rspec-expectations (~> 3.13.0)
      rspec-mocks (~> 3.13.0)
    rspec-core (3.13.2)
      rspec-support (~> 3.13.0)
    rspec-expectations (3.13.3)
      diff-lcs (>= 1.2.0, < 2.0)
      rspec-support (~> 3.13.0)
    rspec-mocks (3.13.2)
      diff-lcs (>= 1.2.0, < 2.0)
      rspec-support (~> 3.13.0)
    rspec-support (3.13.1)
    ruby2_keywords (0.0.5)
    sinatra (3.2.0)
      mustermann (~> 3.0)
      rack (~> 2.2, >= 2.2.4)
      rack-protection (= 3.2.0)
      tilt (~> 2.0)
    tilt (2.4.0)

PLATFORMS
  arm64-darwin-24
  ruby

DEPENDENCIES
  concurrent-ruby (~> 1.2)
  connection_pool (~> 2.4)
  logger (~> 1.5)
  mock_redis (~> 0.34)
  oj (~> 3.16)
  pry (~> 0.14)
  pry-byebug (~> 3.10)
  puma (~> 6.4)
  rack-test (~> 2.1)
  redis (~> 5.0)
  rspec (~> 3.12)
  sinatra (~> 3.1)

BUNDLED WITH
   2.5.23
